GEM
  specs:
    atomic (1.1.16-java)
    backports (3.6.0)
    descendants_tracker (0.0.4)
      thread_safe (~> 0.3, >= 0.3.1)
    jbundler (0.5.5)
      bundler (~> 1.5)
      ruby-maven (>= 3.1.1.0.1, < 3.1.2)
    maven-tools (0.34.2)
      virtus (~> 0.5)
    ruby-maven (3.1.1.0.2)
      maven-tools (~> 0.33)
      ruby-maven-libs (= 3.1.1)
    ruby-maven-libs (3.1.1)
    thread_safe (0.3.1-java)
      atomic (>= 1.1.7, < 2)
    virtus (0.5.5)
      backports (~> 3.3)
      descendants_tracker (~> 0.0.1)

PLATFORMS
  java

DEPENDENCIES
  jbundler
