GEM
  remote: https://rubygems.org/
  specs:
    activesupport (4.0.5)
      i18n (~> 0.6, >= 0.6.9)
      minitest (~> 4.2)
      multi_json (~> 1.3)
      thread_safe (~> 0.1)
      tzinfo (~> 0.3.37)
    awesome_print (1.2.0)
    backports (3.6.0)
    coderay (1.1.0)
    ffi (1.9.3-java)
    i18n (0.6.9)
    method_source (0.8.2)
    minitest (4.7.5)
    multi_json (1.10.1)
    pry (0.9.12.6)
      coderay (~> 1.0)
      method_source (~> 0.8)
      slop (~> 3.4)
    pry (0.9.12.6-java)
      coderay (~> 1.0)
      method_source (~> 0.8)
      slop (~> 3.4)
      spoon (~> 0.0)
    rack (1.5.2)
    rack-protection (1.5.3)
      rack
    rack-test (0.6.2)
      rack (>= 1.0)
    ruby-progressbar (1.5.1)
    sinatra (1.4.5)
      rack (~> 1.4)
      rack-protection (~> 1.4)
      tilt (~> 1.3, >= 1.3.4)
    sinatra-contrib (1.4.2)
      backports (>= 2.0)
      multi_json
      rack-protection
      rack-test
      sinatra (~> 1.4.0)
      tilt (~> 1.3)
    slop (3.5.0)
    spoon (0.0.4)
      ffi
    sqlite3 (1.3.9)
    thread_safe (0.3.4)
    tilt (1.4.1)
    tzinfo (0.3.39)

PLATFORMS
  java
  ruby

DEPENDENCIES
  activesupport
  awesome_print
  pry
  ruby-progressbar
  sinatra
  sinatra-contrib
  sqlite3
